GEM
  remote: https://rubygems.org/
  specs:
    activesupport (4.2.10)
      i18n (~> 0.7)
      minitest (~> 5.1)
      thread_safe (~> 0.3, >= 0.3.4)
      tzinfo (~> 1.1)
    addressable (2.5.2)
      public_suffix (>= 2.0.2, < 4.0)
    asciidoctor (1.5.7.1)
    coderay (1.1.2)
    colored (1.2)
    colorize (0.8.1)
    concurrent-ruby (1.0.5)
    coolline (0.5.0)
      unicode_utils (~> 1.4)
    cri (2.14.0)
      colored (~> 1.2)
    ddmemoize (1.0.0)
      ddmetrics (~> 1.0)
      ref (~> 2.0)
    ddmetrics (1.0.1)
    ddplugin (1.0.2)
    ethon (0.16.0)
      ffi (>= 1.15.0)
    extended-markdown-filter (0.6.0)
      html-pipeline (~> 2.0)
    ffi (1.15.5)
    gemoji (2.1.0)
    github-markdown (0.6.9)
    hamster (3.0.0)
      concurrent-ruby (~> 1.0)
    html-pipeline (2.2.4)
      activesupport (>= 2, < 5)
      nokogiri (>= 1.4)
    html-pipeline-asciidoc_filter (1.5.3)
      asciidoctor (~> 1.5.3)
      html-pipeline (~> 2.2.2)
    html-pipeline-rouge_filter (1.0.7)
      activesupport
      html-pipeline (>= 1.11)
      rouge (>= 2.0.0, < 4)
    html-proofer (3.19.4)
      addressable (~> 2.3)
      mercenary (~> 0.3)
      nokogiri (~> 1.13)
      parallel (~> 1.10)
      rainbow (~> 3.0)
      typhoeus (~> 1.3)
      yell (~> 2.0)
    i18n (0.9.5)
      concurrent-ruby (~> 1.0)
    kramdown (2.1.0)
    kramdown-parser-gfm (1.1.0)
      kramdown (~> 2.0)
    liquid (4.0.0)
    mercenary (0.4.0)
    method_source (0.9.0)
    mini_portile2 (2.8.4)
    minitest (5.11.3)
    nanoc (4.9.4)
      addressable (~> 2.5)
      cri (~> 2.13)
      ddmemoize (~> 1.0)
      ddmetrics (~> 1.0)
      ddplugin (~> 1.0)
      hamster (~> 3.0)
      parallel (~> 1.12)
      ref (~> 2.0)
      slow_enumerator_tools (~> 1.0)
      tomlrb (~> 1.2)
    nanoc-conref-fs (0.7.0)
      activesupport (~> 4.2)
      liquid (~> 4.0)
      nanoc (~> 4.9)
    nanoc-html-pipeline (0.3.5)
      html-pipeline (~> 2.0)
      nanoc (>= 3.1, < 5.0)
    nanoc-redirector (0.3.0)
      nanoc (~> 4.9.0)
    nokogiri (1.15.4)
      mini_portile2 (~> 2.8.2)
      racc (~> 1.4)
    nokogiri (1.15.4-x86_64-darwin)
      racc (~> 1.4)
    parallel (1.12.1)
    pry (0.11.3)
      coderay (~> 1.1.0)
      method_source (~> 0.9.0)
    pry-coolline (0.2.5)
      coolline (~> 0.5)
    public_suffix (3.0.3)
    racc (1.7.1)
    rainbow (3.1.1)
    rake (12.3.1)
    ref (2.0.0)
    rouge (3.2.1)
    slow_enumerator_tools (1.1.0)
    thread_safe (0.3.6)
    tomlrb (1.2.7)
    typhoeus (1.4.0)
      ethon (>= 0.9.0)
    tzinfo (1.2.5)
      thread_safe (~> 0.1)
    unicode_utils (1.4.0)
    yell (2.2.2)

PLATFORMS
  ruby
  x86_64-darwin-19

DEPENDENCIES
  activesupport (~> 4.2)
  colorize (~> 0.8.1)
  extended-markdown-filter (~> 0.4)
  gemoji (= 2.1.0)
  github-markdown (~> 0.6.9)
  html-pipeline-asciidoc_filter (~> 1.5)
  html-pipeline-rouge_filter (~> 1.0)
  html-proofer (~> 3.19.4)
  kramdown
  kramdown-parser-gfm
  nanoc (~> 4.7)
  nanoc-conref-fs (~> 0.7)
  nanoc-html-pipeline (~> 0.3)
  nanoc-redirector (~> 0.2)
  pry
  pry-coolline
  rake

RUBY VERSION
   ruby 2.7.8p225

BUNDLED WITH
   2.4.19
